GEM
  remote: https://rubygems.org/
  specs:
    mustache (0.99.4)
    rack (1.2.2)
    shotgun (0.9)
      rack (>= 1.0)
    sinatra (1.2.6)
      rack (~> 1.1)
      tilt (>= 1.2.2, < 2.0)
    tilt (1.3)

PLATFORMS
  ruby

DEPENDENCIES
  mustache
  rack
  shotgun
  sinatra
